GEM
  remote: https://rubygems.org/
  specs:
    activesupport (4.2.3)
      i18n (~> 0.7)
      json (~> 1.7, >= 1.7.7)
      minitest (~> 5.1)
      thread_safe (~> 0.3, >= 0.3.4)
      tzinfo (~> 1.1)
    fixedwidth (0.0.1)
    i18n (0.7.0)
    json (1.8.3)
    minitest (5.9.0)
    mysql2 (0.4.4)
    sequel (4.39.0)
    thread_safe (0.3.5)
    tzinfo (1.2.2)
      thread_safe (~> 0.1)

PLATFORMS
  ruby

DEPENDENCIES
  activesupport
  fixedwidth
  mysql2
  sequel

BUNDLED WITH
   1.10.6
